PATH
  remote: .
  specs:
    complicode (0.0.1)
      radix (~> 2.2)
      ruby-rc4 (~> 0.1.5)
      verhoeff (~> 2.1)

GEM
  remote: https://rubygems.org/
  specs:
    byebug (5.0.0)
      columnize (= 0.9.0)
    coderay (1.1.0)
    columnize (0.9.0)
    diff-lcs (1.2.5)
    method_source (0.8.2)
    pry (0.10.1)
      coderay (~> 1.1.0)
      method_source (~> 0.8.1)
      slop (~> 3.4)
    pry-byebug (3.2.0)
      byebug (~> 5.0)
      pry (~> 0.10)
    radix (2.2.1)
    rake (10.4.2)
    rspec (3.3.0)
      rspec-core (~> 3.3.0)
      rspec-expectations (~> 3.3.0)
      rspec-mocks (~> 3.3.0)
    rspec-core (3.3.2)
      rspec-support (~> 3.3.0)
    rspec-expectations (3.3.1)
      diff-lcs (>= 1.2.0, < 2.0)
      rspec-support (~> 3.3.0)
    rspec-mocks (3.3.2)
      diff-lcs (>= 1.2.0, < 2.0)
      rspec-support (~> 3.3.0)
    rspec-support (3.3.0)
    ruby-rc4 (0.1.5)
    slop (3.6.0)
    smarter_csv (1.1.0)
    verhoeff (2.1.0)

PLATFORMS
  ruby

DEPENDENCIES
  bundler (~> 1.6)
  complicode!
  pry (~> 0.10.1)
  pry-byebug (~> 3.1)
  rake (~> 10.4)
  rspec (~> 3.2)
  smarter_csv (~> 1.0)

BUNDLED WITH
   1.12.5
