PATH
  remote: .
  specs:
    complicode (1.0.1)
      radix (~> 2.2)
      ruby-rc4 (~> 0.1.5)
      verhoeff (~> 2.1)

GEM
  remote: https://rubygems.org/
  specs:
    ast (2.4.0)
    byebug (10.0.2)
    coderay (1.1.2)
    diff-lcs (1.3)
    docile (1.3.1)
    jaro_winkler (1.5.1)
    json (2.1.0)
    method_source (0.9.0)
    parallel (1.12.1)
    parser (2.5.1.2)
      ast (~> 2.4.0)
    powerpack (0.1.2)
    pry (0.11.3)
      coderay (~> 1.1.0)
      method_source (~> 0.9.0)
    pry-byebug (3.6.0)
      byebug (~> 10.0)
      pry (~> 0.10)
    radix (2.2.1)
    rainbow (3.0.0)
    rake (12.3.1)
    rspec (3.8.0)
      rspec-core (~> 3.8.0)
      rspec-expectations (~> 3.8.0)
      rspec-mocks (~> 3.8.0)
    rspec-core (3.8.0)
      rspec-support (~> 3.8.0)
    rspec-expectations (3.8.1)
      diff-lcs (>= 1.2.0, < 2.0)
      rspec-support (~> 3.8.0)
    rspec-mocks (3.8.0)
      diff-lcs (>= 1.2.0, < 2.0)
      rspec-support (~> 3.8.0)
    rspec-support (3.8.0)
    rspec_junit_formatter (0.4.1)
      rspec-core (>= 2, < 4, != 2.12.0)
    rubocop (0.58.2)
      jaro_winkler (~> 1.5.1)
      parallel (~> 1.10)
      parser (>= 2.5, != 2.5.1.1)
      powerpack (~> 0.1)
      rainbow (>= 2.2.2, < 4.0)
      ruby-progressbar (~> 1.7)
      unicode-display_width (~> 1.0, >= 1.0.1)
    rubocop-rspec (1.29.1)
      rubocop (>= 0.58.0)
    ruby-progressbar (1.10.0)
    ruby-rc4 (0.1.5)
    simplecov (0.16.1)
      docile (~> 1.1)
      json (>= 1.8, < 3)
      simplecov-html (~> 0.10.0)
    simplecov-html (0.10.2)
    smarter_csv (1.2.4)
    unicode-display_width (1.4.0)
    verhoeff (2.1.0)

PLATFORMS
  ruby

DEPENDENCIES
  bundler (~> 1.16)
  complicode!
  pry (~> 0.11)
  pry-byebug (~> 3.6)
  rake (~> 12.0)
  rspec (~> 3.0)
  rspec_junit_formatter (~> 0.4)
  rubocop (~> 0.58)
  rubocop-rspec (~> 1.29)
  simplecov (~> 0.16)
  smarter_csv (~> 1.2)

BUNDLED WITH
   1.16.2
